PATH
  remote: .
  specs:
    http_stub (0.7.3)
      haml (~> 4.0.2)
      sass (~> 3.2.9)
      sinatra (~> 1.3.6)
      sinatra-partial (~> 0.4.0)

GEM
  remote: http://rubygems.org/
  specs:
    diff-lcs (1.2.4)
    flog (3.2.3)
      ruby_parser (~> 3.1, > 3.1.0)
      sexp_processor (~> 4.0)
    haml (4.0.2)
      tilt
    hashr (0.0.22)
    httparty (0.10.2)
      multi_json (~> 1.0)
      multi_xml (>= 0.5.2)
    json (1.8.0)
    multi_json (1.7.3)
    multi_xml (0.5.3)
    nokogiri (1.5.9)
    rack (1.5.2)
    rack-protection (1.5.0)
      rack
    rack-test (0.6.2)
      rack (>= 1.0)
    rake (10.0.4)
    rspec (2.13.0)
      rspec-core (~> 2.13.0)
      rspec-expectations (~> 2.13.0)
      rspec-mocks (~> 2.13.0)
    rspec-core (2.13.1)
    rspec-expectations (2.13.0)
      diff-lcs (>= 1.1.3, < 2.0)
    rspec-mocks (2.13.1)
    ruby_parser (3.1.3)
      sexp_processor (~> 4.1)
    sass (3.2.9)
    sexp_processor (4.2.1)
    simplecov (0.7.1)
      multi_json (~> 1.0)
      simplecov-html (~> 0.7.1)
    simplecov-html (0.7.1)
    sinatra (1.3.6)
      rack (~> 1.4)
      rack-protection (~> 1.3)
      tilt (~> 1.3, >= 1.3.3)
    sinatra-partial (0.4.0)
      sinatra
    tilt (1.4.1)
    travis-lint (1.6.0)
      hashr (~> 0.0.22)
    wait_until (0.0.1)

PLATFORMS
  ruby

DEPENDENCIES
  flog (~> 3.2.3)
  http_stub!
  httparty (~> 0.10.2)
  json (~> 1.8.0)
  nokogiri (~> 1.5.9)
  rack-test (~> 0.6.2)
  rake (~> 10.0.4)
  rspec (~> 2.13)
  simplecov (~> 0.7.1)
  travis-lint (~> 1.6.0)
  wait_until (~> 0.0.1)
