PATH
  remote: .
  specs:
    http_stub (0.23.1)
      activesupport (~> 4.2)
      haml (~> 4.0)
      http_server_manager (~> 0.4)
      json-schema (~> 2.6)
      multipart-post (~> 2.0)
      rake (>= 10.4)
      sass (~> 3.4)
      sinatra (~> 1.4)
      sinatra-partial (~> 1.0)

GEM
  remote: http://rubygems.org/
  specs:
    activesupport (4.2.6)
      i18n (~> 0.7)
      json (~> 1.7, >= 1.7.7)
      minitest (~> 5.1)
      thread_safe (~> 0.3, >= 0.3.4)
      tzinfo (~> 1.1)
    addressable (2.3.8)
    ast (2.2.0)
    codeclimate-test-reporter (0.5.0)
      simplecov (>= 0.7.1, < 1.0.0)
    coderay (1.1.1)
    diff-lcs (1.2.5)
    docile (1.1.5)
    haml (4.0.7)
      tilt
    http_server_manager (0.4.13)
      rake (~> 11.1)
      sys-proctree (~> 0.0)
      wait_until (~> 0.3)
    httparty (0.13.7)
      json (~> 1.8)
      multi_xml (>= 0.5.2)
    i18n (0.7.0)
    json (1.8.3)
    json-schema (2.6.2)
      addressable (~> 2.3.8)
    mini_portile2 (2.0.0)
    minitest (5.9.0)
    multi_xml (0.5.5)
    multipart-post (2.0.0)
    nokogiri (1.6.7.2)
      mini_portile2 (~> 2.0.0.rc2)
    parser (2.3.1.0)
      ast (~> 2.2)
    powerpack (0.1.1)
    rack (1.6.4)
    rack-protection (1.5.3)
      rack
    rack-test (0.6.3)
      rack (>= 1.0)
    rainbow (2.1.0)
    rake (11.1.2)
    rspec (3.4.0)
      rspec-core (~> 3.4.0)
      rspec-expectations (~> 3.4.0)
      rspec-mocks (~> 3.4.0)
    rspec-core (3.4.4)
      rspec-support (~> 3.4.0)
    rspec-expectations (3.4.0)
      diff-lcs (>= 1.2.0, < 2.0)
      rspec-support (~> 3.4.0)
    rspec-mocks (3.4.1)
      diff-lcs (>= 1.2.0, < 2.0)
      rspec-support (~> 3.4.0)
    rspec-support (3.4.1)
    rubocop (0.40.0)
      parser (>= 2.3.1.0, < 3.0)
      powerpack (~> 0.1)
      rainbow (>= 1.99.1, < 3.0)
      ruby-progressbar (~> 1.7)
      unicode-display_width (~> 1.0, >= 1.0.1)
    ruby-progressbar (1.8.1)
    sass (3.4.22)
    simplecov (0.11.2)
      docile (~> 1.1.0)
      json (~> 1.8)
      simplecov-html (~> 0.10.0)
    simplecov-html (0.10.0)
    sinatra (1.4.7)
      rack (~> 1.5)
      rack-protection (~> 1.4)
      tilt (>= 1.3, < 3)
    sinatra-partial (1.0.0)
      sinatra (~> 1.4)
    sys-proctable (1.0.0)
    sys-proctree (0.0.8)
      sys-proctable (>= 0.9.8)
    thread_safe (0.3.5)
    tilt (2.0.4)
    travis-lint (2.0.0)
      json
    tzinfo (1.2.2)
      thread_safe (~> 0.1)
    unicode-display_width (1.0.5)
    wait_until (0.3.0)

PLATFORMS
  ruby

DEPENDENCIES
  codeclimate-test-reporter (~> 0.5)
  coderay (~> 1.1)
  http_stub!
  httparty (~> 0.13)
  json (~> 1.8)
  nokogiri (~> 1.6)
  rack-test (~> 0.6)
  rspec (~> 3.4)
  rubocop (~> 0.40)
  simplecov (~> 0.11)
  travis-lint (~> 2.0)
  wait_until (~> 0.3)

BUNDLED WITH
   1.12.5
