PATH
  remote: .
  specs:
    http_stub (0.8.0)
      haml (~> 4.0)
      sass (~> 3.2)
      sinatra (~> 1.4)
      sinatra-partial (~> 0.4)

GEM
  remote: http://rubygems.org/
  specs:
    diff-lcs (1.2.4)
    flog (4.1.2)
      ruby_parser (~> 3.1, > 3.1.0)
      sexp_processor (~> 4.0)
    haml (4.0.3)
      tilt
    hashr (0.0.22)
    httparty (0.11.0)
      multi_json (~> 1.0)
      multi_xml (>= 0.5.2)
    json (1.8.0)
    mini_portile (0.5.1)
    multi_json (1.7.3)
    multi_xml (0.5.5)
    nokogiri (1.6.0)
      mini_portile (~> 0.5.0)
    rack (1.5.2)
    rack-protection (1.5.0)
      rack
    rack-test (0.6.2)
      rack (>= 1.0)
    rake (10.1.0)
    rspec (2.14.1)
      rspec-core (~> 2.14.0)
      rspec-expectations (~> 2.14.0)
      rspec-mocks (~> 2.14.0)
    rspec-core (2.14.5)
    rspec-expectations (2.14.2)
      diff-lcs (>= 1.1.3, < 2.0)
    rspec-mocks (2.14.3)
    ruby_parser (3.2.2)
      sexp_processor (~> 4.1)
    sass (3.2.10)
    sexp_processor (4.3.0)
    simplecov (0.7.1)
      multi_json (~> 1.0)
      simplecov-html (~> 0.7.1)
    simplecov-html (0.7.1)
    sinatra (1.4.3)
      rack (~> 1.4)
      rack-protection (~> 1.4)
      tilt (~> 1.3, >= 1.3.4)
    sinatra-partial (0.4.0)
      sinatra
    tilt (1.4.1)
    travis-lint (1.7.0)
      hashr (~> 0.0.22)
    wait_until (0.0.1)

PLATFORMS
  ruby

DEPENDENCIES
  flog (~> 4.1)
  http_stub!
  httparty (~> 0.11)
  json (~> 1.8)
  nokogiri (~> 1.6)
  rack-test (~> 0.6)
  rake (~> 10.1)
  rspec (~> 2.14)
  simplecov (~> 0.7)
  travis-lint (~> 1.7)
  wait_until (~> 0.0.1)
